PATH
  remote: .
  specs:
    trello-archiver (0.0.2)
      ruby-trello
      xlsx_writer

GEM
  remote: http://rubygems.org/
  specs:
    activemodel (3.2.8)
      activesupport (= 3.2.8)
      builder (~> 3.0.0)
    activesupport (3.2.8)
      i18n (~> 0.6)
      multi_json (~> 1.0)
    addressable (2.2.8)
    builder (3.0.3)
    cane (2.5.0)
      parallel
    coderay (1.0.8)
    fakeweb (1.3.0)
    fast_xs (0.8.0)
    growl (1.0.3)
    guard (1.4.0)
      listen (>= 0.4.2)
      thor (>= 0.14.6)
    guard-bundler (1.0.0)
      bundler (~> 1.0)
      guard (~> 1.1)
    guard-minitest (0.5.0)
      guard (>= 0.4)
    i18n (0.6.1)
    listen (0.5.3)
    method_source (0.8)
    mime-types (1.19)
    minitest (4.1.0)
    multi_json (1.3.6)
    oauth (0.4.7)
    parallel (0.6.1)
    posix-spawn (0.3.6)
    pry (0.9.10)
      coderay (~> 1.0.5)
      method_source (~> 0.8)
      slop (~> 3.3.1)
    rake (0.9.2.2)
    rb-fsevent (0.9.2)
    rest-client (1.6.7)
      mime-types (>= 1.16)
    ruby-trello (0.4.4)
      activemodel
      addressable (~> 2.2.6)
      oauth (~> 0.4.5)
      rest-client (~> 1.6.7)
    slop (3.3.3)
    thor (0.16.0)
    unix_utils (0.0.14)
      posix-spawn
    vcr (2.2.5)
    xlsx_writer (0.4.0)
      activesupport
      fast_xs
      unix_utils

PLATFORMS
  ruby

DEPENDENCIES
  cane
  fakeweb
  growl
  guard
  guard-bundler
  guard-minitest
  minitest
  pry
  rake
  rb-fsevent
  trello-archiver!
  vcr
